GEM
  remote: http://rubygems.org/
  specs:
    activemodel (3.2.8)
      activesupport (= 3.2.8)
      builder (~> 3.0.0)
    activerecord (3.2.8)
      activemodel (= 3.2.8)
      activesupport (= 3.2.8)
      arel (~> 3.0.2)
      tzinfo (~> 0.3.29)
    activesupport (3.2.8)
      i18n (~> 0.6)
      multi_json (~> 1.0)
    arel (3.0.3)
    builder (3.0.4)
    fakefs (0.4.0)
    foreigner (1.2.1)
      activerecord (>= 3.0.0)
    i18n (0.7.0)
    metaclass (0.0.4)
    minitest (5.4.0)
    mocha (1.1.0)
      metaclass (~> 0.0.1)
    multi_json (1.11.1)
    nokogiri (1.5.6)
    pg (0.14.0)
    rake (0.9.3)
    tzinfo (0.3.44)

PLATFORMS
  ruby

DEPENDENCIES
  activerecord (= 3.2.8)
  fakefs (= 0.4.0)
  foreigner (= 1.2.1)
  minitest
  mocha (= 1.1.0)
  nokogiri (= 1.5.6)
  pg (= 0.14.0)
  rake (= 0.9.3)
